PATH
  remote: .
  specs:
    resque-remote (0.0.1)

GEM
  remote: http://rubygems.org/
  specs:
    diff-lcs (1.1.2)
    json (1.4.6)
    rack (1.2.1)
    redis (2.0.5)
    redis-namespace (0.8.0)
      redis (< 3.0.0)
    resque (1.10.0)
      json (~> 1.4.6)
      redis-namespace (~> 0.8.0)
      sinatra (>= 0.9.2)
      vegas (~> 0.1.2)
    rspec (2.0.0.beta.20)
      rspec-core (= 2.0.0.beta.20)
      rspec-expectations (= 2.0.0.beta.20)
      rspec-mocks (= 2.0.0.beta.20)
    rspec-core (2.0.0.beta.20)
    rspec-expectations (2.0.0.beta.20)
      diff-lcs (>= 1.1.2)
    rspec-mocks (2.0.0.beta.20)
    sinatra (1.0)
      rack (>= 1.0)
    vegas (0.1.7)
      rack (>= 1.0.0)
    yajl-ruby (0.7.7)

PLATFORMS
  ruby

DEPENDENCIES
  bundler (= 1.0.0.rc.6)
  redis
  redis-namespace
  resque (= 1.10.0)
  resque-remote!
  rspec (= 2.0.0.beta.20)
  yajl-ruby
